PATH
  remote: .
  specs:
    pcsv (0.1.2)
      ruby-progressbar (~> 1.0.2)

GEM
  remote: http://rubygems.org/
  specs:
    metaclass (0.0.1)
    minitest (3.5.0)
    mocha (0.12.8)
      metaclass (~> 0.0.1)
    rake (0.9.2.2)
    ruby-progressbar (1.0.2)
    unindentable (0.1.0)

PLATFORMS
  ruby

DEPENDENCIES
  minitest (~> 3.5.0)
  mocha (~> 0.12.5)
  pcsv!
  rake (~> 0.9.2.2)
  unindentable (~> 0.1.0)
